{
   "Columns": 192, 
   "EchoTime": 0.0021, 
   "EchoTrainLength": 1, 
   "FlipAngle": 8.0, 
   "ImageType": "ORIGINAL/PRIMARY/M/ND", 
   "ImagingFrequency": 123.253343, 
   "InplanePhaseEncodingDirection": "ROW", 
   "InversionTime": 1.1, 
   "MRAcquisitionType": "3D", 
   "MagneticFieldStrength": 2.8936200141907, 
   "Manufacturer": "SIEMENS", 
   "ManufacturersModelName": "Allegra", 
   "NumberOfAverages": 1.0, 
   "NumberOfPhaseEncodingSteps": 192, 
   "PercentPhaseFieldOfView": 100.0, 
   "PhaseEncodingDirection": "i-", 
   "PixelBandwidth": 320.0, 
   "PixelSpacing": [
      1.3333333333333, 
      1.3333333333333
   ], 
   "RepetitionTime": 2.3, 
   "Rows": 192, 
   "ScanOptions": "IR", 
   "ScanningSequence": [
      "IR", 
      "GR"
   ], 
   "SequenceName": "*tfl3d1", 
   "SequenceVariant": [
      "SP", 
      "MP"
   ], 
   "SeriesDate": "18661001", 
   "SeriesDescription": "MPRage-3T", 
   "SeriesNumber": 10, 
   "SeriesTime": "130720.281000", 
   "SliceThickness": 1.0, 
   "StudyID": "1", 
   "StudyTime": "120323.781000"
}